GEM
  remote: https://rubygems.org/
  specs:
    dimples (1.8.1)
      tilt (~> 2.0)
    erubis (2.7.0)
    faraday (0.9.2)
      multipart-post (>= 1.2, < 3)
    mongoose (0.2.5)
    multipart-post (2.0.0)
    oj (2.16.1)
    redcarpet (3.5.1)
    redis (3.3.0)
    tilt (2.0.5)

PLATFORMS
  ruby

DEPENDENCIES
  dimples
  erubis
  faraday
  mongoose
  oj
  redcarpet (>= 3.5.1)
  redis

BUNDLED WITH
   1.17.3
